GEM
  remote: https://rubygems.org/
  specs:
    coderay (1.1.3)
    dotenv (2.7.6)
    ethon (0.15.0)
      ffi (>= 1.15.0)
    ffi (1.15.5)
    hubspot-api-client (12.0.0)
      json (~> 2.1, >= 2.1.0)
      require_all (~> 3.0.0)
      typhoeus (~> 1.4.0)
    json (2.6.2)
    method_source (1.0.0)
    pry (0.14.0)
      coderay (~> 1.1)
      method_source (~> 1.0)
    require_all (3.0.0)
    typhoeus (1.4.0)
      ethon (>= 0.9.0)

PLATFORMS
  ruby

DEPENDENCIES
  dotenv
  hubspot-api-client (>= 11.2)
  pry

RUBY VERSION
   ruby 2.6.3p62

BUNDLED WITH
   1.17.3
