GEM
  remote: https://rubygems.org/
  specs:
    coderay (1.1.3)
    dotenv (2.8.1)
    ethon (0.16.0)
      ffi (>= 1.15.0)
    ffi (1.15.5)
    hubspot-api-client (16.0.4)
      json (~> 2.1, >= 2.1.0)
      typhoeus (~> 1.4.0)
    json (2.6.3)
    method_source (1.0.0)
    pry (0.14.1)
      coderay (~> 1.1)
      method_source (~> 1.0)
    typhoeus (1.4.0)
      ethon (>= 0.9.0)

PLATFORMS
  ruby

DEPENDENCIES
  dotenv
  hubspot-api-client (>= 11.2)
  pry

RUBY VERSION
   ruby 3.1.3p185

BUNDLED WITH
   1.17.3
